GEM
  remote: http://rubygems.org/
  specs:
    ADB (0.5.5)
      childprocess (>= 0.3.5)
    addressable (2.3.3)
    brazenhead (0.4.7)
      childprocess (>= 0.3.5)
    builder (3.1.4)
    childprocess (0.3.9)
      ffi (~> 1.0, >= 1.0.11)
    cucumber (1.2.1)
      builder (>= 2.1.2)
      diff-lcs (>= 1.1.3)
      gherkin (~> 2.11.0)
      json (>= 1.4.6)
    data_magic (0.14)
      faker (>= 1.1.2)
      yml_reader (>= 0.2)
    diff-lcs (1.2.0)
    faker (1.1.2)
      i18n (~> 0.5)
    ffi (1.8.1)
    ffi (1.8.1-x86-mingw32)
    gametel (0.7)
      ADB (>= 0.5.5)
      brazenhead (>= 0.4.7)
      page_navigation (>= 0.7)
    gherkin (2.11.5)
      json (>= 1.4.6)
    gherkin (2.11.5-x86-mingw32)
      json (>= 1.4.6)
    i18n (0.6.4)
    json (1.7.6)
    launchy (2.2.0)
      addressable (~> 2.3)
    page_navigation (0.9)
      data_magic (>= 0.14)
    rake (10.0.3)
    require_all (1.2.1)
    rspec (2.0.1)
      rspec-core (~> 2.0.1)
      rspec-expectations (~> 2.0.1)
      rspec-mocks (~> 2.0.1)
    rspec-core (2.0.1)
    rspec-expectations (2.0.1)
      diff-lcs (>= 1.1.2)
    rspec-mocks (2.0.1)
      rspec-core (~> 2.0.1)
      rspec-expectations (~> 2.0.1)
    yml_reader (0.2)

PLATFORMS
  ruby
  x86-mingw32

DEPENDENCIES
  ADB (>= 0.5.5)
  childprocess
  cucumber
  data_magic (>= 0.14)
  gametel (>= 0.7)
  launchy
  rake
  require_all
  rspec
